GEM
  remote: https://rubygems.org/
  specs:
    colored (1.2)
    rake (12.3.1)

PLATFORMS
  ruby

DEPENDENCIES
  colored
  rake

BUNDLED WITH
   1.17.1
